PATH
  remote: .
  specs:
    mundi_api (0.16.16)
      certifi (~> 2018)
      faraday (~> 1.0)
      faraday-http-cache (~> 2.2.0)
      faraday_middleware (~> 1.0.0)
      logging (~> 2.0)
      test-unit (~> 3.1, >= 3.1.5)

GEM
  remote: https://rubygems.org/
  specs:
    certifi (2018.01.18)
    faraday (1.4.1)
      faraday-excon (~> 1.1)
      faraday-net_http (~> 1.0)
      faraday-net_http_persistent (~> 1.1)
      multipart-post (>= 1.2, < 3)
      ruby2_keywords (>= 0.0.4)
    faraday-excon (1.1.0)
    faraday-http-cache (2.2.0)
      faraday (>= 0.8)
    faraday-net_http (1.0.1)
    faraday-net_http_persistent (1.1.0)
    faraday_middleware (1.0.0)
      faraday (~> 1.0)
    little-plugger (1.1.4)
    logging (2.3.0)
      little-plugger (~> 1.1)
      multi_json (~> 1.14)
    multi_json (1.15.0)
    multipart-post (2.1.1)
    power_assert (2.0.0)
    ruby2_keywords (0.0.4)
    test-unit (3.4.1)
      power_assert

PLATFORMS
  ruby

DEPENDENCIES
  mundi_api!

BUNDLED WITH
   2.1.4
